NUGET
remote: https://api.nuget.org/v3/index.json
    Antlr (3.5.0.2) - restriction: >= net452
    bootstrap (3.0) - restriction: >= net452
      jQuery (>= 1.9)
    EntityFramework (6.1.3) - restriction: >= net452
    jQuery (1.10.2) - restriction: >= net452
    jQuery.Validation (1.11.1) - restriction: >= net452
      jQuery (>= 1.4.4)
    Microsoft.ApplicationInsights (2.2) - restriction: >= net452
    Microsoft.ApplicationInsights.Agent.Intercept (2.0.6) - restriction: >= net452
    Microsoft.ApplicationInsights.DependencyCollector (2.2) - restriction: >= net452
      Microsoft.ApplicationInsights (2.2) - restriction: >= net40
      Microsoft.ApplicationInsights.Agent.Intercept (>= 2.0.6) - restriction: >= net40
    Microsoft.ApplicationInsights.PerfCounterCollector (2.2) - restriction: >= net452
      Microsoft.ApplicationInsights (2.2) - restriction: >= net45
    Microsoft.ApplicationInsights.Web (2.2) - restriction: >= net452
      Microsoft.ApplicationInsights (2.2) - restriction: >= net40
      Microsoft.ApplicationInsights.WindowsServer (>= 2.2) - restriction: >= net40
    Microsoft.ApplicationInsights.WindowsServer (2.2) - restriction: >= net452
      Microsoft.ApplicationInsights (2.2) - restriction: >= net40
      Microsoft.ApplicationInsights.DependencyCollector (>= 2.2) - restriction: >= net40
      Microsoft.ApplicationInsights.PerfCounterCollector (>= 2.2) - restriction: >= net40
      Microsoft.ApplicationInsights.WindowsServer.TelemetryChannel (2.2) - restriction: >= net40
    Microsoft.ApplicationInsights.WindowsServer.TelemetryChannel (2.2) - restriction: >= net452
      Microsoft.ApplicationInsights (2.2) - restriction: >= net40
    Microsoft.AspNet.Cors (5.2.3) - restriction: >= net452
    Microsoft.AspNet.Identity.Core (2.2.1) - restriction: >= net452
    Microsoft.AspNet.Identity.EntityFramework (2.2.1) - restriction: >= net452
      EntityFramework (>= 6.1)
      Microsoft.AspNet.Identity.Core (>= 2.2.1)
    Microsoft.AspNet.Identity.Owin (2.2.1) - restriction: >= net452
      Microsoft.AspNet.Identity.Core (>= 2.2.1)
      Microsoft.Owin.Security (>= 2.1)
      Microsoft.Owin.Security.Cookies (>= 2.1)
      Microsoft.Owin.Security.OAuth (>= 2.1)
    Microsoft.AspNet.Mvc (5.2.3) - restriction: >= net452
      Microsoft.AspNet.Razor (>= 3.2.3 < 3.3)
      Microsoft.AspNet.WebPages (>= 3.2.3 < 3.3)
    Microsoft.AspNet.Razor (3.2.3) - restriction: >= net452
    Microsoft.AspNet.Web.Optimization (1.1.3) - restriction: >= net452
      Microsoft.Web.Infrastructure (>= 1.0)
      WebGrease (>= 1.5.2)
    Microsoft.AspNet.WebApi (5.2.3) - restriction: >= net452
      Microsoft.AspNet.WebApi.WebHost (>= 5.2.3 < 5.3)
    Microsoft.AspNet.WebApi.Client (5.2.3) - restriction: >= net452
      Newtonsoft.Json (>= 6.0.4) - restriction: >= portable-net45+win8+wp8+wp81+wpa81
    Microsoft.AspNet.WebApi.Core (5.2.3) - restriction: >= net452
      Microsoft.AspNet.WebApi.Client (>= 5.2.3)
    Microsoft.AspNet.WebApi.Cors (5.2.3) - restriction: >= net452
      Microsoft.AspNet.Cors (>= 5.2.3)
      Microsoft.AspNet.WebApi.Core (>= 5.2.3 < 5.3)
    Microsoft.AspNet.WebApi.HelpPage (5.2.3) - restriction: >= net452
      Microsoft.AspNet.Mvc (>= 5.2.3 < 5.3)
      Microsoft.AspNet.Razor (>= 3.2.3 < 3.3)
      Microsoft.AspNet.WebApi.WebHost (>= 5.2.3 < 5.3)
    Microsoft.AspNet.WebApi.Owin (5.2.3) - restriction: >= net452
      Microsoft.AspNet.WebApi.Core (>= 5.2.3 < 5.3)
      Microsoft.Owin (>= 2.0.2)
      Owin (>= 1.0)
    Microsoft.AspNet.WebApi.WebHost (5.2.3) - restriction: >= net452
      Microsoft.AspNet.WebApi.Core (>= 5.2.3 < 5.3)
    Microsoft.AspNet.WebPages (3.2.3) - restriction: >= net452
      Microsoft.AspNet.Razor (>= 3.2.3 < 3.3)
      Microsoft.Web.Infrastructure (>= 1.0)
    Microsoft.CodeDom.Providers.DotNetCompilerPlatform (1.0) - restriction: >= net452
      Microsoft.Net.Compilers (>= 1.0)
    Microsoft.jQuery.Unobtrusive.Validation (3.2.3) - restriction: >= net452
      jQuery (>= 1.8)
      jQuery.Validation (>= 1.8.0.1)
    Microsoft.Net.Compilers (1.0) - restriction: >= net452
    Microsoft.Owin (3.0.1) - restriction: >= net452
      Owin (>= 1.0)
    Microsoft.Owin.Host.SystemWeb (3.0.1) - restriction: >= net452
      Microsoft.Owin (>= 3.0.1)
      Owin (>= 1.0)
    Microsoft.Owin.Security (3.0.1) - restriction: >= net452
      Microsoft.Owin (>= 3.0.1)
      Owin (>= 1.0)
    Microsoft.Owin.Security.Cookies (3.0.1) - restriction: >= net452
      Microsoft.Owin (>= 3.0.1)
      Microsoft.Owin.Security (>= 3.0.1)
      Owin (>= 1.0)
    Microsoft.Owin.Security.Facebook (3.0.1) - restriction: >= net452
      Microsoft.Owin (>= 3.0.1)
      Microsoft.Owin.Security (>= 3.0.1)
      Newtonsoft.Json (>= 6.0.4)
      Owin (>= 1.0)
    Microsoft.Owin.Security.Google (3.0.1) - restriction: >= net452
      Microsoft.Owin (>= 3.0.1)
      Microsoft.Owin.Security (>= 3.0.1)
      Newtonsoft.Json (>= 6.0.4)
      Owin (>= 1.0)
    Microsoft.Owin.Security.MicrosoftAccount (4.1.1) - restriction: >= net452
      Microsoft.Owin (>= 4.1.1)
      Microsoft.Owin.Security (>= 4.1.1)
      Newtonsoft.Json (>= 6.0.4)
      Owin (>= 1.0)
    Microsoft.Owin.Security.OAuth (3.0.1) - restriction: >= net452
      Microsoft.Owin (>= 3.0.1)
      Microsoft.Owin.Security (>= 3.0.1)
      Newtonsoft.Json (>= 6.0.4)
      Owin (>= 1.0)
    Microsoft.Owin.Security.Twitter (3.0.1) - restriction: >= net452
      Microsoft.Owin (>= 3.0.1)
      Microsoft.Owin.Security (>= 3.0.1)
      Newtonsoft.Json (>= 6.0.4)
      Owin (>= 1.0)
    Microsoft.Web.Infrastructure (1.0) - restriction: >= net452
    Modernizr (2.6.2) - restriction: >= net452
    Newtonsoft.Json (11.0.2) - restriction: >= net452
    Owin (1.0) - restriction: >= net452
    Respond (1.2) - restriction: >= net452
    WebGrease (1.6) - restriction: >= net452
      Antlr (>= 3.4.1.9004)
      Newtonsoft.Json (>= 5.0.4)
